GEM
  remote: http://rubygems.org/
  specs:
    daemons (1.0.10)
    gem_plugin (0.2.3)
    haml (3.0.21)
    mechanize (1.0.0)
      nokogiri (>= 1.2.1)
    mongrel (1.2.0.pre2)
      daemons (~> 1.0.10)
      gem_plugin (~> 0.2.3)
    nokogiri (1.4.3.1)
    rack (1.2.1)
    sinatra (1.0)
      rack (>= 1.0)

PLATFORMS
  ruby

DEPENDENCIES
  haml (~> 3.0)
  mechanize (~> 1.0.0)
  mongrel (~> 1.2.0.pre2)
  sinatra (~> 1.0)
